GEM
  remote: https://rubygems.org/
  specs:
    byebug (11.1.3)
    coderay (1.1.3)
    commander-openflighthpc (2.2.0)
      highline (> 1.7.2)
      paint (~> 2.1.0)
      slop (~> 4.8)
    highline (2.0.3)
    method_source (1.0.0)
    output_mode (1.1.1)
      pastel (>= 0.7)
      tty-color (>= 0.5)
      tty-table (>= 0.11)
    paint (2.1.1)
    pastel (0.8.0)
      tty-color (~> 0.5)
    pry (0.13.1)
      coderay (~> 1.1)
      method_source (~> 1.0)
    pry-byebug (3.9.0)
      byebug (~> 11.0)
      pry (~> 0.13.0)
    slop (4.8.2)
    strings (0.2.0)
      strings-ansi (~> 0.2)
      unicode-display_width (~> 1.5)
      unicode_utils (~> 1.4)
    strings-ansi (0.2.0)
    tty-color (0.5.2)
    tty-screen (0.8.1)
    tty-table (0.12.0)
      pastel (~> 0.8)
      strings (~> 0.2.0)
      tty-screen (~> 0.8)
    unicode-display_width (1.7.0)
    unicode_utils (1.4.0)
    xdg (3.1.1)

PLATFORMS
  ruby

DEPENDENCIES
  commander-openflighthpc
  output_mode
  pry
  pry-byebug
  xdg

BUNDLED WITH
   2.1.4
